BrainVision Data Exchange Header File Version 1.0
; Data created by the BrainVision Recorder

[Common Infos]
Codepage=UTF-8
DataFile=thea_session_2.eeg
MarkerFile=thea_session_2.vmrk
DataFormat=BINARY
; Data orientation: MULTIPLEXED=ch1,pt1, ch2,pt1 ...
DataOrientation=MULTIPLEXED
NumberOfChannels=32
; Sampling interval in microseconds
SamplingInterval=20

[Binary Infos]
BinaryFormat=IEEE_FLOAT_32

[Channel Infos]
; Each entry: Ch<Channel number>=<Name>,<Reference channel name>,
; <Resolution in "Unit">,<Unit>, Future extensions..
; Fields are delimited by commas, some fields might be omitted (empty).
; Commas in channel names are coded as "\1".
Ch1=Fp1,,0.0488281,µV
Ch2=Fz,,0.0488281,µV
Ch3=F3,,0.0488281,µV
Ch4=F7,,0.0488281,µV
Ch5=FT9,,0.0488281,µV
Ch6=FC5,,0.0488281,µV
Ch7=FC1,,0.0488281,µV
Ch8=C3,,0.0488281,µV
Ch9=T7,,0.0488281,µV
Ch10=TP9,,0.0488281,µV
Ch11=CP5,,0.0488281,µV
Ch12=CP1,,0.0488281,µV
Ch13=Pz,,0.0488281,µV
Ch14=P3,,0.0488281,µV
Ch15=P7,,0.0488281,µV
Ch16=O1,,0.0488281,µV
Ch17=Oz,,0.0488281,µV
Ch18=O2,,0.0488281,µV
Ch19=P4,,0.0488281,µV
Ch20=P8,,0.0488281,µV
Ch21=TP10,,0.0488281,µV
Ch22=CP6,,0.0488281,µV
Ch23=CP2,,0.0488281,µV
Ch24=Cz,,0.0488281,µV
Ch25=C4,,0.0488281,µV
Ch26=T8,,0.0488281,µV
Ch27=FT10,,0.0488281,µV
Ch28=FC6,,0.0488281,µV
Ch29=FC2,,0.0488281,µV
Ch30=F8,,0.0488281,µV
Ch31=Fp2,,0.0488281,µV
Ch32=EMG,,1,mV

[Coordinates]
; Electrode Position File: C:\Vision\Tools\ElectrodeCapFiles\actiCap\actiCap_slim_ASP\actiCap_slim_ASP\actiCap_slim_for actiChamp_Plus_ASP\CACS-32\CACS-32_NO_REF.bvef
Ch1=1,-90,-72
Ch2=1,45,90
Ch3=1,-60,-51
Ch4=1,-90,-36
Ch5=1,-113,-18
Ch6=1,-69,-22
Ch7=1,-31,-46
Ch8=1,-45,0
Ch9=1,-90,0
Ch10=1,-113,18
Ch11=1,-69,21
Ch12=1,-31,46
Ch13=1,45,-90
Ch14=1,-60,51
Ch15=1,-90,36
Ch16=1,-90,72
Ch17=1,90,-90
Ch18=1,90,-72
Ch19=1,60,-51
Ch20=1,90,-36
Ch21=1,113,-18
Ch22=1,69,-21
Ch23=1,31,-46
Ch24=1,0,0
Ch25=1,45,0
Ch26=1,90,0
Ch27=1,113,18
Ch28=1,69,21
Ch29=1,31,46
Ch30=1,90,36
Ch31=1,90,72
Ch32=0,0,0

[Comment]

BrainVision Recorder Professional   -   V. 1.27.0001


A m p l i f i e r  S e t u p
============================
Number of channels: 32
Sampling Rate [Hz]: 50000
Sampling Interval [µS]: 20

Channels
--------
#     Name      Phys. Chn.    Resolution / Unit   Low Cutoff [s]   High Cutoff [Hz]   Notch [Hz]    Gradient         Offset
1     Fp1         1          0.0488281 µV             DC            10300              Off
2     Fz          2          0.0488281 µV             DC            10300              Off
3     F3          3          0.0488281 µV             DC            10300              Off
4     F7          4          0.0488281 µV             DC            10300              Off
5     FT9         5          0.0488281 µV             DC            10300              Off
6     FC5         6          0.0488281 µV             DC            10300              Off
7     FC1         7          0.0488281 µV             DC            10300              Off
8     C3          8          0.0488281 µV             DC            10300              Off
9     T7          9          0.0488281 µV             DC            10300              Off
10    TP9         10         0.0488281 µV             DC            10300              Off
11    CP5         11         0.0488281 µV             DC            10300              Off
12    CP1         12         0.0488281 µV             DC            10300              Off
13    Pz          13         0.0488281 µV             DC            10300              Off
14    P3          14         0.0488281 µV             DC            10300              Off
15    P7          15         0.0488281 µV             DC            10300              Off
16    O1          16         0.0488281 µV             DC            10300              Off
17    Oz          17         0.0488281 µV             DC            10300              Off
18    O2          18         0.0488281 µV             DC            10300              Off
19    P4          19         0.0488281 µV             DC            10300              Off
20    P8          20         0.0488281 µV             DC            10300              Off
21    TP10        21         0.0488281 µV             DC            10300              Off
22    CP6         22         0.0488281 µV             DC            10300              Off
23    CP2         23         0.0488281 µV             DC            10300              Off
24    Cz          24         0.0488281 µV             DC            10300              Off
25    C4          25         0.0488281 µV             DC            10300              Off
26    T8          26         0.0488281 µV             DC            10300              Off
27    FT10        27         0.0488281 µV             DC            10300              Off
28    FC6         28         0.0488281 µV             DC            10300              Off
29    FC2         29         0.0488281 µV             DC            10300              Off
30    F8          31         0.0488281 µV             DC            10300              Off
31    Fp2         32         0.0488281 µV             DC            10300              Off
32    EMG         65                 1 mV             DC            10300              Off           1[mV/mV]       0[mV] = 0[mV]

Reference Channel Name = F4
Reference Phys. Chn.   = 30
Use active/dry Electrodes = No 
MY-Button Workspace    = C:\Vision\Workfiles\test.MyBtn

Amplifier 
actiCHamp Base Unit (5002) 
  --- S/N 25040580 --- 
actiCHamp 32 CH Module
  --- Module 1 (5011): S/N 25041114 ---
  --- Module 2 (5011): S/N 25041115 ---
Version: DLL_27.18.06.25, DRV_03.04.01.146, CTRL_105.19.05.29, FPGA_67.00.00.00, DSP_105.19.02.27 


S o f t w a r e  F i l t e r s
==============================
Disabled


Data/Gnd Electrodes Selected Impedance Measurement Range: 0 - 500 kOhm
Impedance [kOhm] at 11:02:10 :
Fp1:         13
Fz:           2
F3:           3
F7:          18
FT9:         10
FC5:         10
FC1:          2
C3:           4
T7:           7
TP9:          1
CP5:          3
CP1:          8
Pz:           5
P3:           9
P7:           1
O1:           9
Oz:           8
O2:           6
P4:           5
P8:          11
TP10:         2
CP6:          3
CP2:          6
Cz:           1
C4:           5
T8:           6
FT10:        23
FC6:         13
FC2:          4
F4:           3
F8:           7
Fp2:         24
Gnd:          3
